##TITLE= Parameter file, TopSpin 4.1.4
##JCAMPDX= 5.0
##DATATYPE= Parameter Values
##NPOINTS= 5	$$ modification sequence number
##ORIGIN= Bruker BioSpin GmbH
##OWNER= labo850
$$ 2023-09-09 13:38:26.692 +0200  labo850@RMN850n
$$ /opt/nmrdata/data/TGIR_Legein.1650/nmr/RbNb2O5F/255//specpar
$$ process /opt/topspin4.1.4/prog/mod/acqdataserver
##$ANCIEN= (0..7)
0 0 0 0 0 0 0 0
##$BF1= 100.13
##$BF2= 100.13
##$BF3= 100.13
##$DEC= 1
##$DECB= 1
##$DEF19F= yes
##$DEFRSEL= yes
##$HPMOD= (0..32)
0 0 0 0 0 0 0 0 0 0 0 0 0 0 0 0 0 0 0 0 0 0 0 0 0 0 0 0 0 0 0 0 0
##$HPPRECH= (0..32)
-1 -1 -1 -1 -1 -1 -1 -1 -1 -1 -1 -1 -1 -1 -1 -1 -1 -1 -1 -1 -1 -1 -1 -1
-1 -1 -1 -1 -1 -1 -1 -1 -1
##$HPSELECT= yes
##$LOCSW19F= -1
##$LOCSW2H= -1
##$NUC1= 1
##$NUC2= 0
##$NUC3= 0
##$NUC4= 0
##$NUC5= 0
##$NUC6= 0
##$NUC7= 0
##$NUC8= 0
##$NUCARR= (0..123)
850.29 850.29 130.524692076 906.953104525 647.74221503 125.129407649 330.454979511
119.481160758 91.352249608 272.806822525 213.805590558 61.444650819 86.159137445
115.269198225 800.071966132 67.124409458 224.91786051 52.051650242 221.558866391
168.928704342 344.203701152 65.2682604 83.310640436 69.347314103 39.677702982
49.333978852 21.778520285 57.224763584 206.550295566 47.935387849 47.948167707
84.776540396 223.651336549 48.062608238 210.780241732 27.530502556 201.748937515
75.982348048 225.458415372 241.51376121 53.200970229 204.081112927 259.310424442
29.660793614 145.591874581 162.163167888 44.365768394 213.031486542 229.633721902
32.71575804 82.095014835 278.218748317 36.850055084 41.665893574 79.045492264
208.118425893 55.412770085 56.575703216 191.386045145 39.157138438 43.88660447
27.094040196 38.91012069 34.418200175 39.568525746 180.393104892 188.706347708
185.92232819 186.320893124 278.204250872 302.977535051 317.078514833 203.479303173
110.190926229 222.518699252 268.26453083 170.121652709 236.467230539 70.097235871
111.525243812 84.471694425 94.492115491 112.18981347 120.108912859 260.358798
46.340805 28.569744 35.457093 29.249976 211.382094 93.361842 26.103903
34.266687 204.409716 29.249976 40.983978 181.451886 24.488352 70.489041
148.794848987 40.9924809 96.9670716 69.1370799 34.0711203 21.4017993 101.94636984
35.426372022 191.52442134 193.45457964 19.40643226 66.02841966 14.6079822
15.9089259 182.785004674 14.7015141 152.293928384 56.217629091 485.71285728
490.47990613 177.885761237 136.635548935 15.65724006 30.865527 100
##$NUCOFFS= (0..127)
<1H> <2H> <13C> <15N> <31P> <19F> <79Br> <73Ge> <11B> <27Al> <113Cd> <23Na>
<39K> <41K> <133Cs> <25Mg> <14N> <17O> <7Li> <45Sc> <91Zr> <139La> <49Ti>
<35Cl> <37Cl> <71Ga> <69Ga> <29Si> <93Nb> <6Li> <67Zn> <87Rb> <10B> <63Cu>
<87Sr> <43Ca> <65Cu> <33S> <95Mo> <127I> <81Br> <21Ne> <125Te> <79Se> <>
<> <> <> <> <> <> <> <> <> <> <> <> <> <> <> <> <> <> <> <> <> <> <> <>
<> <> <> <> <> <> <> <> <> <> <> <> <> <> <> <> <> <> <> <> <> <> <> <>
<> <> <> <> <> <> <> <> <> <> <> <> <> <> <> <> <> <> <> <> <> <> <> <>
<> <> <> <> <> <> <> <> <> <> <>
##$OBS= 1
##$OFFS= (0..127)
0 0 16815.8 0 -51000 0 0 0 -4000000 15869 0 0 0 0 0 -4503 -20000 0 0 -4180
0 0 0 0 0 0 0 -15500 0 0 0 -3948.57 0 0 0 0 0 0 0 0 0 0 0 0 0 0 0 0 0 0
0 0 0 0 0 0 0 0 0 0 0 0 0 0 0 0 0 0 0 0 0 0 0 0 0 0 0 0 0 0 0 0 0 0 0 0
0 0 0 0 0 0 0 0 0 0 0 0 0 0 0 0 0 0 0 0 0 0 0 0 0 0 0 0 0 0 0 0 0 0 0 0
0 0 0 0 0 0
##$OFFSF= (0..7)
0 0 0 0 0 0 0 0
##$OFFSH= (0..7)
0 0 0 0 0 0 0 0
##$OFFSX= (0..7)
0 0 0 0 0 0 0 0
##$OFFSXAS= (0..7)
0 0 0 0 0 0 0 0
##$OFSF1= 0
##$OFSF2= 0
##$OFSH1= 0
##$OFSH2= 0
##$OFSH3= 0
##$OFSX1= 0
##$OFSX2= 0
##$OFSY= 0
##$PACOIL= (0..32)
0 0 0 0 0 0 0 0 0 0 0 0 0 0 0 0 0 0 0 0 0 0 0 0 0 0 0 0 0 0 0 0 0
##$PRECHAN= (0..32)
-1 0 1 2 -1 3 -1 -1 -1 -1 -1 -1 -1 -1 -1 -1 -1 -1 -1 -1 -1 -1 -1 -1 -1
-1 -1 -1 -1 -1 -1 -1 -1
##$RECPRE= (0..25)
-1 0 1 2 3 -1 -1 -1 -1 -1 -1 -1 -1 -1 -1 -1 -1 -1 -1 -1 -1 -1 -1 -1 -1
-1
##$RECPRFX= (0..32)
1 1 1 1 0 0 0 0 0 0 0 0 0 0 0 0 0 0 0 0 0 0 0 0 0 0 0 0 0 0 0 0 0
##$RECSEL= (0..24)
0 1 2 3 4 5 6 7 8 9 10 11 12 13 14 15 16 17 18 19 20 21 22 23 24
##$SELREC= (0..24)
0 0 0 0 0 0 0 0 0 0 0 0 0 0 0 0 0 0 0 0 0 0 0 0 0
##$SFO1= 850.29
##$SFO2= 850.29
##$SFO3= 850.29
##$SFO4= 850.29
##$SFO5= 850.30278
##$SFO6= 850.30278
##$SFO7= 850.30278
##$SFO8= 850.30278
##$TY= (0..123)
0 0 0 0 0 0 0 0 0 0 0 0 0 0 0 0 0 0 0 0 0 0 0 0 0 0 0 0 0 0 0 0 0 0 0 0
0 0 0 0 0 0 0 0 0 0 0 0 0 0 0 0 0 0 0 0 0 0 0 0 0 0 0 0 0 0 0 0 0 0 0 0
0 0 0 0 0 0 0 0 0 0 0 0 0 0 0 0 0 0 0 0 0 0 0 0 0 0 0 0 0 0 0 0 0 0 0 0
0 0 0 0 0 0 0 0 0 0 0 0 0 0 0 0
##END=
